PATH
  remote: .
  specs:
    xcellus (1.4)

GEM
  remote: https://rubygems.org/
  specs:
    rake (12.3.1)
    rake-compiler (1.0.4)
      rake

PLATFORMS
  ruby

DEPENDENCIES
  bundler (~> 1.16)
  rake (~> 12.0)
  rake-compiler
  xcellus!

BUNDLED WITH
   1.16.1
